GEM
  remote: http://rubygems.org/
  specs:
    appraisal (2.2.0)
      bundler
      rake
      thor (>= 0.14.0)
    aws-s3 (0.6.2)
      builder
      mime-types
      xml-simple
    builder (3.0.0)
    columnize (0.3.2)
    linecache (0.43)
    mime-types (1.16)
    mocha (1.11.2)
    rake (13.0.1)
    ruby-debug (0.10.4)
      columnize (>= 0.1)
      ruby-debug-base (~> 0.10.4.0)
    ruby-debug-base (0.10.4)
      linecache (>= 0.3)
    shoulda (2.11.3)
    sqlite3-ruby (1.3.2)
    thor (1.0.1)
    xml-simple (1.0.12)

PLATFORMS
  ruby

DEPENDENCIES
  appraisal (>= 0.5.2)
  aws-s3
  mocha (>= 0.9.9)
  rake (>= 12.3.3)
  ruby-debug
  shoulda
  sqlite3-ruby (~> 1.3.0)

BUNDLED WITH
   1.17.3
